{
  "InstitutionAddress": "Petaluma, CA, USA",
  "InstitutionName": "Insitute of Noetic Sciences (IONS)",
  "InstitutionalDepartmentName": "Science Department",
  "PowerLineFrequency": 60,
  "ManufacturersModelName": "Biosemi",
  "EEGChannelCount": 64,
  "EOGChannelCount": 0,
  "ECGChannelCount": 2,
  "EMGChannelCount": 0,
  "SoftwareFilters": "n/a",
  "TaskName": "trance",
  "MiscChannelCount": 64,
  "EEGReference": "Fp1 AF7 AF3 F1 F3 F5 F7 FT7 FC5 FC3 FC1 C1 C3 C5 T7 TP7 CP5 CP3 CP1 P1 P3 P5 P7 P9 PO7 PO3 O1 Iz Oz POz Pz CPz Fpz Fp2 AF8 AF4 Afz Fz F2 F4 F6 F8 FT8 FC6 FC4 FC2 FCz Cz C2 C4 C6 T8 TP8 CP6 CP4 CP2 P2 P4 P6 P8 P10 PO8 PO4 O2 ",
  "RecordingType": "continuous",
  "RecordingDuration": 3165,
  "SamplingFrequency": 512
}